GEM
  remote: https://rubygems.org/
  specs:
    addressable (2.3.8)
    json (1.8.6)
    mime-types (1.25.1)
    mustermann (1.0.2)
    rack (2.0.5)
    rack-protection (2.0.1)
      rack
    rest-client (1.6.9)
      mime-types (~> 1.16)
    rubyjokes (1.0.1)
    sinatra (2.0.1)
      mustermann (~> 1.0)
      rack (~> 2.0)
      rack-protection (= 2.0.1)
      tilt (~> 2.0)
    tilt (2.0.8)
    unirest (1.1.2)
      addressable (~> 2.3.5)
      json (~> 1.8.1)
      rest-client (~> 1.6.7)

PLATFORMS
  ruby

DEPENDENCIES
  json (~> 1.8.1)
  rubyjokes
  sinatra
  unirest

BUNDLED WITH
   1.16.1
